GEM
  remote: https://rubygems.org/
  specs:
    rake (12.0.0)

PLATFORMS
  ruby

DEPENDENCIES
  bundler
  rake

RUBY VERSION
   ruby 2.3.1p112

BUNDLED WITH
   1.14.6
